GEM
  remote: http://rubygems.org/
  remote: http://rubygems.org/
  specs:
    ZenTest (4.8.0)
    autotest-growl (0.2.16)
    diff-lcs (1.1.3)
    rspec (2.10.0)
      rspec-core (~> 2.10.0)
      rspec-expectations (~> 2.10.0)
      rspec-mocks (~> 2.10.0)
    rspec-core (2.10.1)
    rspec-expectations (2.10.0)
      diff-lcs (~> 1.1.3)
    rspec-mocks (2.10.1)

PLATFORMS
  ruby

DEPENDENCIES
  ZenTest
  autotest-growl
  rspec
